PATH
  remote: .
  specs:
    fcshd (0)

GEM
  remote: http://rubygems.org/
  specs:

PLATFORMS
  ruby

DEPENDENCIES
  fcshd!
